PATH
  remote: .
  specs:
    okta-auth-proxy (0.0.6)
      activesupport (~> 4.2.7.1)
      em-synchrony (~> 1.0.4)
      omniauth (~> 1.3.1)
      omniauth-saml (~> 1.5.0)
      sinatra (~> 1.4.7)
      thin (~> 1.6.4)
      thor (~> 0.19.1)

GEM
  remote: https://rubygems.org/
  specs:
    activesupport (4.2.7.1)
      i18n (~> 0.7)
      json (~> 1.7, >= 1.7.7)
      minitest (~> 5.1)
      thread_safe (~> 0.3, >= 0.3.4)
      tzinfo (~> 1.1)
    byebug (8.2.5)
    coderay (1.1.1)
    daemons (1.2.4)
    diff-lcs (1.2.5)
    docile (1.1.5)
    em-synchrony (1.0.6)
      eventmachine (>= 1.0.0.beta.1)
    eventmachine (1.2.3)
    hashie (3.5.5)
    i18n (0.8.1)
    json (1.8.3)
    method_source (0.8.2)
    mini_portile2 (2.1.0)
    minitest (5.10.1)
    nokogiri (1.7.1)
      mini_portile2 (~> 2.1.0)
    omniauth (1.3.2)
      hashie (>= 1.2, < 4)
      rack (>= 1.0, < 3)
    omniauth-saml (1.5.0)
      omniauth (~> 1.3)
      ruby-saml (~> 1.1, >= 1.1.1)
    pry (0.10.3)
      coderay (~> 1.1.0)
      method_source (~> 0.8.1)
      slop (~> 3.4)
    pry-byebug (3.3.0)
      byebug (~> 8.0)
      pry (~> 0.10)
    rack (1.6.5)
    rack-protection (1.5.3)
      rack
    rake (10.4.2)
    rspec (3.2.0)
      rspec-core (~> 3.2.0)
      rspec-expectations (~> 3.2.0)
      rspec-mocks (~> 3.2.0)
    rspec-core (3.2.3)
      rspec-support (~> 3.2.0)
    rspec-expectations (3.2.1)
      diff-lcs (>= 1.2.0, < 2.0)
      rspec-support (~> 3.2.0)
    rspec-mocks (3.2.1)
      diff-lcs (>= 1.2.0, < 2.0)
      rspec-support (~> 3.2.0)
    rspec-support (3.2.2)
    ruby-saml (1.4.2)
      nokogiri (>= 1.5.10)
    simplecov (0.10.0)
      docile (~> 1.1.0)
      json (~> 1.8)
      simplecov-html (~> 0.10.0)
    simplecov-html (0.10.0)
    sinatra (1.4.8)
      rack (~> 1.5)
      rack-protection (~> 1.4)
      tilt (>= 1.3, < 3)
    slop (3.6.0)
    thin (1.6.4)
      daemons (~> 1.0, >= 1.0.9)
      eventmachine (~> 1.0, >= 1.0.4)
      rack (~> 1.0)
    thor (0.19.4)
    thread_safe (0.3.6)
    tilt (2.0.7)
    tzinfo (1.2.3)
      thread_safe (~> 0.1)

PLATFORMS
  ruby

DEPENDENCIES
  okta-auth-proxy!
  pry (~> 0.10.3)
  pry-byebug (~> 3.3.0)
  rake (~> 10.4.2)
  rspec (~> 3.2.0)
  simplecov (~> 0.10.0)

BUNDLED WITH
   1.14.6
